PATH
  remote: .
  specs:
    liquid (2.2.2)
      activesupport
      will_paginate (>= 3.0.pre2)

GEM
  remote: http://rubygems.org/
  specs:
    activesupport (3.0.9)
    will_paginate (3.0.pre2)

PLATFORMS
  ruby

DEPENDENCIES
  liquid!
